GIT
  remote: https://github.com/activeadmin/activeadmin
  revision: f552a197df1b91dbf831da5838eb78e843c03994
  specs:
    activeadmin (2.14.0)
      arbre (~> 1.2, >= 1.2.1)
      formtastic (>= 3.1, < 5.0)
      formtastic_i18n (~> 0.4)
      inherited_resources (~> 1.7)
      jquery-rails (~> 4.2)
      kaminari (~> 1.0, >= 1.2.1)
      railties (>= 6.1, < 7.1)
      ransack (>= 2.1.1, < 4)

GEM
  remote: http://rubygems.org/
  specs:
    actioncable (7.0.5)
      actionpack (= 7.0.5)
      activesupport (= 7.0.5)
      nio4r (~> 2.0)
      websocket-driver (>= 0.6.1)
    actionmailbox (7.0.5)
      actionpack (= 7.0.5)
      activejob (= 7.0.5)
      activerecord (= 7.0.5)
      activestorage (= 7.0.5)
      activesupport (= 7.0.5)
      mail (>= 2.7.1)
      net-imap
      net-pop
      net-smtp
    actionmailer (7.0.5)
      actionpack (= 7.0.5)
      actionview (= 7.0.5)
      activejob (= 7.0.5)
      activesupport (= 7.0.5)
      mail (~> 2.5, >= 2.5.4)
      net-imap
      net-pop
      net-smtp
      rails-dom-testing (~> 2.0)
    actionpack (7.0.5)
      actionview (= 7.0.5)
      activesupport (= 7.0.5)
      rack (~> 2.0, >= 2.2.4)
      rack-test (>= 0.6.3)
      rails-dom-testing (~> 2.0)
      rails-html-sanitizer (~> 1.0, >= 1.2.0)
    actiontext (7.0.5)
      actionpack (= 7.0.5)
      activerecord (= 7.0.5)
      activestorage (= 7.0.5)
      activesupport (= 7.0.5)
      globalid (>= 0.6.0)
      nokogiri (>= 1.8.5)
    actionview (7.0.5)
      activesupport (= 7.0.5)
      builder (~> 3.1)
      erubi (~> 1.4)
      rails-dom-testing (~> 2.0)
      rails-html-sanitizer (~> 1.1, >= 1.2.0)
    activejob (7.0.5)
      activesupport (= 7.0.5)
      globalid (>= 0.3.6)
    activemodel (7.0.5)
      activesupport (= 7.0.5)
    activerecord (7.0.5)
      activemodel (= 7.0.5)
      activesupport (= 7.0.5)
    activestorage (7.0.5)
      actionpack (= 7.0.5)
      activejob (= 7.0.5)
      activerecord (= 7.0.5)
      activesupport (= 7.0.5)
      marcel (~> 1.0)
      mini_mime (>= 1.1.0)
    activesupport (7.0.5)
      concurrent-ruby (~> 1.0, >= 1.0.2)
      i18n (>= 1.6, < 2)
      minitest (>= 5.1)
      tzinfo (~> 2.0)
    addressable (2.8.4)
      public_suffix (>= 2.0.2, < 6.0)
    airbrussh (1.4.1)
      sshkit (>= 1.6.1, != 1.7.0)
    arbre (1.6.0)
      activesupport (>= 3.0.0, < 7.1)
      ruby2_keywords (>= 0.0.2, < 1.0)
    bcrypt (3.1.19)
    brakeman (6.0.0)
    buftok (0.3.0)
    builder (3.2.4)
    capistrano (3.17.3)
      airbrussh (>= 1.0.0)
      i18n
      rake (>= 10.0.0)
      sshkit (>= 1.9.0)
    choice (0.2.0)
    coderay (1.1.3)
    concurrent-ruby (1.2.2)
    crass (1.0.6)
    cssminify (1.0.2)
    daemons (1.4.1)
    date (3.3.3)
    devise (4.9.2)
      bcrypt (~> 3.0)
      orm_adapter (~> 0.1)
      railties (>= 4.1.0)
      responders
      warden (~> 1.2.3)
    domain_name (0.5.20190701)
      unf (>= 0.0.5, < 1.0.0)
    equalizer (0.0.11)
    erubi (1.12.0)
    eventmachine (1.2.7)
    execjs (2.8.1)
    faraday (2.7.7)
      faraday-net_http (>= 2.0, < 3.1)
      ruby2_keywords (>= 0.0.4)
    faraday-multipart (1.0.4)
      multipart-post (~> 2)
    faraday-net_http (3.0.2)
    ffi (1.15.5)
    ffi-compiler (1.0.1)
      ffi (>= 1.0.0)
      rake
    formtastic (4.0.0)
      actionpack (>= 5.2.0)
    formtastic_i18n (0.7.0)
    globalid (1.1.0)
      activesupport (>= 5.0)
    has_scope (0.8.1)
      actionpack (>= 5.2)
      activesupport (>= 5.2)
    http (5.1.1)
      addressable (~> 2.8)
      http-cookie (~> 1.0)
      http-form_data (~> 2.2)
      llhttp-ffi (~> 0.4.0)
    http-cookie (1.0.5)
      domain_name (~> 0.5)
    http-form_data (2.3.0)
    i18n (1.14.1)
      concurrent-ruby (~> 1.0)
    inherited_resources (1.13.1)
      actionpack (>= 5.2, < 7.1)
      has_scope (~> 0.6)
      railties (>= 5.2, < 7.1)
      responders (>= 2, < 4)
    jquery-rails (4.5.1)
      rails-dom-testing (>= 1, < 3)
      railties (>= 4.2.0)
      thor (>= 0.14, < 2.0)
    json (2.6.3)
    kaminari (1.2.2)
      activesupport (>= 4.1.0)
      kaminari-actionview (= 1.2.2)
      kaminari-activerecord (= 1.2.2)
      kaminari-core (= 1.2.2)
    kaminari-actionview (1.2.2)
      actionview
      kaminari-core (= 1.2.2)
    kaminari-activerecord (1.2.2)
      activerecord
      kaminari-core (= 1.2.2)
    kaminari-core (1.2.2)
    kgio (2.11.4)
    koala (3.4.0)
      addressable
      faraday
      faraday-multipart
      json (>= 1.8)
      rexml
    lazyload-rails (0.5.0)
      nokogiri (~> 1.5)
    llhttp-ffi (0.4.0)
      ffi-compiler (~> 1.0)
      rake (~> 13.0)
    loofah (2.21.3)
      crass (~> 1.0.2)
      nokogiri (>= 1.12.0)
    mail (2.8.1)
      mini_mime (>= 0.1.1)
      net-imap
      net-pop
      net-smtp
    marcel (1.0.2)
    memoizable (0.4.2)
      thread_safe (~> 0.3, >= 0.3.1)
    method_source (1.0.0)
    mini_mime (1.1.2)
    minitest (5.18.1)
    multipart-post (2.3.0)
    mysql2 (0.5.5)
    naught (1.1.0)
    net-imap (0.3.6)
      date
      net-protocol
    net-pop (0.1.2)
      net-protocol
    net-protocol (0.2.1)
      timeout
    net-scp (4.0.0)
      net-ssh (>= 2.6.5, < 8.0.0)
    net-smtp (0.3.3)
      net-protocol
    net-ssh (7.1.0)
    nifty-generators (0.4.6)
    nio4r (2.5.9)
    nokogiri (1.15.2-x86_64-linux)
      racc (~> 1.4)
    orm_adapter (0.5.0)
    profanity_filter (0.1.1)
    protected_attributes_continued (1.8.2)
      activemodel (>= 5.0)
    public_suffix (5.0.1)
    racc (1.7.1)
    rack (2.2.7)
    rack-test (2.1.0)
      rack (>= 1.3)
    rails (7.0.5)
      actioncable (= 7.0.5)
      actionmailbox (= 7.0.5)
      actionmailer (= 7.0.5)
      actionpack (= 7.0.5)
      actiontext (= 7.0.5)
      actionview (= 7.0.5)
      activejob (= 7.0.5)
      activemodel (= 7.0.5)
      activerecord (= 7.0.5)
      activestorage (= 7.0.5)
      activesupport (= 7.0.5)
      bundler (>= 1.15.0)
      railties (= 7.0.5)
    rails-dom-testing (2.0.3)
      activesupport (>= 4.2.0)
      nokogiri (>= 1.6)
    rails-erd (1.7.2)
      activerecord (>= 4.2)
      activesupport (>= 4.2)
      choice (~> 0.2.0)
      ruby-graphviz (~> 1.2)
    rails-html-sanitizer (1.6.0)
      loofah (~> 2.21)
      nokogiri (~> 1.14)
    railties (7.0.5)
      actionpack (= 7.0.5)
      activesupport (= 7.0.5)
      method_source
      rake (>= 12.2)
      thor (~> 1.0)
      zeitwerk (~> 2.5)
    raindrops (0.20.1)
    rake (13.0.6)
    ransack (3.2.1)
      activerecord (>= 6.1.5)
      activesupport (>= 6.1.5)
      i18n
    responders (3.1.0)
      actionpack (>= 5.2)
      railties (>= 5.2)
    rexml (3.2.5)
    ruby-graphviz (1.2.5)
      rexml
    ruby2_keywords (0.0.5)
    simple_oauth (0.3.1)
    sprockets (4.2.0)
      concurrent-ruby (~> 1.0)
      rack (>= 2.2.4, < 4)
    sprockets-rails (3.4.2)
      actionpack (>= 5.2)
      activesupport (>= 5.2)
      sprockets (>= 3.0.0)
    sshkit (1.21.4)
      net-scp (>= 1.1.2)
      net-ssh (>= 2.8.0)
    thin (1.8.2)
      daemons (~> 1.0, >= 1.0.9)
      eventmachine (~> 1.0, >= 1.0.4)
      rack (>= 1, < 3)
    thor (1.2.2)
    thread_safe (0.3.6)
    timeout (0.4.0)
    twitter (8.0.0)
      addressable (~> 2.3)
      buftok (~> 0.3.0)
      equalizer (~> 0.0.11)
      http (~> 5.1)
      http-form_data (~> 2.3)
      llhttp-ffi (~> 0.4.0)
      memoizable (~> 0.4.0)
      multipart-post (~> 2.0)
      naught (~> 1.0)
      simple_oauth (~> 0.3.0)
    tzinfo (2.0.6)
      concurrent-ruby (~> 1.0)
    uglifier (4.2.0)
      execjs (>= 0.3.0, < 3)
    unf (0.1.4)
      unf_ext
    unf_ext (0.0.8.2)
    unicorn (6.1.0)
      kgio (~> 2.6)
      raindrops (~> 0.7)
    warden (1.2.9)
      rack (>= 2.0.9)
    websocket-driver (0.7.5)
      websocket-extensions (>= 0.1.0)
    websocket-extensions (0.1.5)
    will_paginate (4.0.0)
    zeitwerk (2.6.8)

PLATFORMS
  x86_64-linux

DEPENDENCIES
  activeadmin!
  brakeman
  capistrano
  coderay
  cssminify
  devise
  execjs
  jquery-rails
  koala
  lazyload-rails
  mysql2
  nifty-generators
  nokogiri
  profanity_filter
  protected_attributes_continued
  rails
  rails-erd
  sprockets-rails
  thin
  twitter
  uglifier
  unicorn
  will_paginate

BUNDLED WITH
   2.2.33
